GEM
  remote: https://rubygems.org/
  specs:
    rack (1.6.11)
    rack-cache (1.3.1)
      rack (>= 0.4)
    rack-protection (1.5.3)
      rack

PLATFORMS
  ruby

DEPENDENCIES
  rack (~> 1.6.2)
  rack-cache (~> 1.3.0)
  rack-protection (~> 1.5.0)

BUNDLED WITH
   1.17.3
