GEM
  remote: https://rubygems.org/
  specs:
    rack (1.6.8)
    rack-cache (1.2)
      rack (>= 0.4)
    rack-protection (2.0.1)
      rack

PLATFORMS
  ruby

DEPENDENCIES
  rack (~> 1.6.2)
  rack-cache (~> 1.2.0)
  rack-protection (~> 2.0.0)

BUNDLED WITH
   1.16.1
