GEM
  remote: http://rubygems.org/
  specs:
    haml (4.0.7)
      tilt
    httparty (0.14.0)
      multi_xml (>= 0.5.2)
    multi_xml (0.6.0)
    mustermann (1.1.1)
      ruby2_keywords (~> 0.0.1)
    rack (2.2.3.1)
    rack-protection (2.2.0)
      rack
    ruby2_keywords (0.0.5)
    sinatra (2.2.0)
      mustermann (~> 1.0)
      rack (~> 2.2)
      rack-protection (= 2.2.0)
      tilt (~> 2.0)
    tilt (2.0.10)

PLATFORMS
  ruby

DEPENDENCIES
  haml
  httparty
  sinatra (>= 2.0.0)

BUNDLED WITH
   1.17.3
