GEM
  remote: http://rubygems.org/
  specs:
    haml (4.0.7)
      tilt
    httparty (0.14.0)
      multi_xml (>= 0.5.2)
    multi_xml (0.6.0)
    mustermann (3.0.0)
      ruby2_keywords (~> 0.0.1)
    rack (2.2.4)
    rack-protection (3.0.4)
      rack
    ruby2_keywords (0.0.5)
    sinatra (3.0.4)
      mustermann (~> 3.0)
      rack (~> 2.2, >= 2.2.4)
      rack-protection (= 3.0.4)
      tilt (~> 2.0)
    tilt (2.0.11)

PLATFORMS
  ruby

DEPENDENCIES
  haml
  httparty
  sinatra (>= 2.2.3)

BUNDLED WITH
   1.17.3
